PATH
  remote: .
  specs:
    rbkb (0.7.1)

GEM
  remote: https://rubygems.org/
  specs:
    rake (13.0.1)
    rspec (0.9.4)

PLATFORMS
  ruby

DEPENDENCIES
  bundler (~> 1.3)
  rake (~> 13)
  rbkb!
  rspec (~> 0)
