PATH
  remote: .
  specs:
    rbkb (0.7.3)

GEM
  remote: https://rubygems.org/
  specs:
    diff-lcs (1.2.1)
    rake (10.1.0)
    rspec (2.13.0)
      rspec-core (~> 2.13.0)
      rspec-expectations (~> 2.13.0)
      rspec-mocks (~> 2.13.0)
    rspec-core (2.13.1)
    rspec-expectations (2.13.0)
      diff-lcs (>= 1.1.3, < 2.0)
    rspec-mocks (2.13.0)

PLATFORMS
  ruby

DEPENDENCIES
  bundler
  rake
  rbkb!
  rspec

BUNDLED WITH
   2.6.9
