PATH
  remote: .
  specs:
    rbkb (0.7.3)

GEM
  remote: https://rubygems.org/
  specs:
    diff-lcs (1.6.2)
    rake (12.3.3)
    rspec (3.13.1)
      rspec-core (~> 3.13.0)
      rspec-expectations (~> 3.13.0)
      rspec-mocks (~> 3.13.0)
    rspec-core (3.13.4)
      rspec-support (~> 3.13.0)
    rspec-expectations (3.13.5)
      diff-lcs (>= 1.2.0, < 2.0)
      rspec-support (~> 3.13.0)
    rspec-mocks (3.13.5)
      diff-lcs (>= 1.2.0, < 2.0)
      rspec-support (~> 3.13.0)
    rspec-support (3.13.4)

PLATFORMS
  ruby

DEPENDENCIES
  bundler
  rake (~> 12.3.3)
  rbkb!
  rspec

BUNDLED WITH
   2.6.9
